PATH
  remote: .
  specs:
    configy (1.0.1)

GEM
  remote: http://rubygems.org/
  specs:
    minitest (2.3.1)

PLATFORMS
  ruby

DEPENDENCIES
  bundler (>= 1.0.0)
  configy!
  minitest
